PATH
  remote: .
  specs:
    xcres (0.5.0)
      activesupport (>= 3.2.15)
      clamp (~> 0.6.3)
      colored (~> 1.2)
      xcodeproj (~> 1.0)

GEM
  remote: https://rubygems.org/
  specs:
    activesupport (4.2.6)
      i18n (~> 0.7)
      json (~> 1.7, >= 1.7.7)
      minitest (~> 5.1)
      thread_safe (~> 0.3, >= 0.3.4)
      tzinfo (~> 1.1)
    ast (2.0.0)
    bacon (1.2.0)
    claide (1.0.0)
    clamp (0.6.5)
    clintegracon (0.5.2)
      colored (~> 1.2)
      diffy
    coderay (1.1.0)
    colored (1.2)
    diffy (3.0.6)
    i18n (0.7.0)
    inch (0.4.10)
      pry
      sparkr (>= 0.2.0)
      term-ansicolor
      yard (~> 0.8.7)
    json (1.8.3)
    metaclass (0.0.4)
    method_source (0.8.2)
    minitest (5.9.0)
    mocha (1.1.0)
      metaclass (~> 0.0.1)
    mocha-on-bacon (0.2.2)
      mocha (>= 0.13.0)
    parser (2.2.0.pre.4)
      ast (>= 1.1, < 3.0)
      slop (~> 3.4, >= 3.4.5)
    powerpack (0.0.9)
    prettybacon (0.0.2)
      bacon (~> 1.2)
    pry (0.10.1)
      coderay (~> 1.1.0)
      method_source (~> 0.8.1)
      slop (~> 3.4)
    psych (2.0.5)
    rainbow (2.0.0)
    rake (10.3.2)
    rubocop (0.25.0)
      parser (>= 2.2.0.pre.4, < 3.0)
      powerpack (~> 0.0.6)
      rainbow (>= 1.99.1, < 3.0)
      ruby-progressbar (~> 1.4)
    ruby-progressbar (1.5.1)
    slop (3.6.0)
    sparkr (0.4.1)
    term-ansicolor (1.3.0)
      tins (~> 1.0)
    thread_safe (0.3.5)
    tins (1.3.2)
    tzinfo (1.2.2)
      thread_safe (~> 0.1)
    xcodeproj (1.1.0)
      activesupport (>= 3)
      claide (>= 1.0.0, < 2.0)
      colored (~> 1.2)
    yard (0.8.7.4)

PLATFORMS
  ruby

DEPENDENCIES
  bacon (~> 1.1)
  bundler (~> 1.3)
  clintegracon
  inch
  mocha
  mocha-on-bacon
  prettybacon
  psych
  rake
  rubocop
  xcres!

BUNDLED WITH
   1.12.4
